GEM
  remote: http://rubygems.org/
  specs:
    activemodel (3.0.0)
      activesupport (= 3.0.0)
      builder (~> 2.1.2)
      i18n (~> 0.4.1)
    activesupport (3.0.0)
    builder (2.1.2)
    diff-lcs (1.1.2)
    i18n (0.4.1)
    rspec (2.0.0.beta.20)
      rspec-core (= 2.0.0.beta.20)
      rspec-expectations (= 2.0.0.beta.20)
      rspec-mocks (= 2.0.0.beta.20)
    rspec-core (2.0.0.beta.20)
    rspec-expectations (2.0.0.beta.20)
      diff-lcs (>= 1.1.2)
    rspec-mocks (2.0.0.beta.20)
    tzinfo (0.3.22)

PLATFORMS
  java
  ruby

DEPENDENCIES
  activemodel (= 3.0.0)
  activesupport (= 3.0.0)
  rspec (>= 2.0.0.beta.20)
  tzinfo
