PATH
  remote: .
  specs:
    date_validator (0.6.2)
      activemodel (>= 3.0.0, < 3.2.0)

GEM
  remote: http://rubygems.org/
  specs:
    activemodel (3.0.0)
      activesupport (= 3.0.0)
      builder (~> 2.1.2)
      i18n (~> 0.4.1)
    activesupport (3.0.0)
    bluecloth (2.0.11)
    builder (2.1.2)
    i18n (0.4.2)
    minitest (2.2.2)
    simplecov (0.3.6)
      simplecov-html (>= 0.3.7)
    simplecov-html (0.3.8)
    tzinfo (0.3.23)
    yard (0.6.4)

PLATFORMS
  java
  ruby

DEPENDENCIES
  activesupport (~> 3.0.0)
  bluecloth
  date_validator!
  minitest (~> 2.2)
  simplecov
  tzinfo (~> 0.3.0)
  yard
